GEM
<<<<<<< HEAD
  remote: https://rubygems.org/
=======
  remote: http://rubygems.org/
>>>>>>> 8fd108fa40bc9ac8e251009cda878a669044ab0c
  specs:
    active_support (3.0.0)
      activesupport (= 3.0.0)
    activesupport (3.0.0)
<<<<<<< HEAD
    addressable (2.3.2)
    configurable (0.7.0)
      lazydoc (>= 1.0.0)
    faraday (0.7.6)
      addressable (~> 2.2)
      multipart-post (~> 1.1)
      rack (~> 1.1)
    koala (1.5.0)
      faraday (~> 0.7)
      multi_json (~> 1.3)
    lazydoc (1.0)
    multi_json (1.3.7)
    multipart-post (1.1.5)
    rack (1.4.1)
    tap (1.4.0)
      configurable (~> 0.7.0)
=======
    faraday (0.8.4)
      multipart-post (~> 1.1)
    i18n (0.6.1)
    koala (1.5.0)
      faraday (~> 0.7)
      multi_json (~> 1.3)
    multi_json (1.3.7)
    multipart-post (1.1.5)
    rack (1.4.1)
    rack-protection (1.2.0)
      rack
    sinatra (1.3.3)
      rack (~> 1.3, >= 1.3.6)
      rack-protection (~> 1.2)
      tilt (~> 1.3, >= 1.3.3)
    tapp (1.4.0)
      thor
    thor (0.16.0)
    tilt (1.3.3)
>>>>>>> 8fd108fa40bc9ac8e251009cda878a669044ab0c

PLATFORMS
  ruby

DEPENDENCIES
  active_support
<<<<<<< HEAD
  koala
  tap
=======
  i18n
  koala
  sinatra
  tapp
>>>>>>> 8fd108fa40bc9ac8e251009cda878a669044ab0c
