GEM
  remote: https://rubygems.org/
  specs:
    active_support (3.0.0)
      activesupport (= 3.0.0)
    activesupport (3.0.0)
    addressable (2.3.2)
    configurable (0.7.0)
      lazydoc (>= 1.0.0)
    faraday (0.7.6)
      addressable (~> 2.2)
      multipart-post (~> 1.1)
      rack (~> 1.1)
    koala (1.5.0)
      faraday (~> 0.7)
      multi_json (~> 1.3)
    lazydoc (1.0)
    multi_json (1.3.7)
    multipart-post (1.1.5)
    rack (1.4.1)
    tap (1.4.0)
      configurable (~> 0.7.0)

PLATFORMS
  ruby

DEPENDENCIES
  active_support
  koala
  tap
